PATH
  remote: raven
  specs:
    raven (0.1)
      faraday
      mixlib-log
      uuidtools

PATH
  remote: raven-rails
  specs:
    raven-rails (0.1)
      raven

GEM
  remote: https://rubygems.org/
  remote: https://rubygems.org/
  specs:
    addressable (2.2.7)
    diff-lcs (1.1.3)
    faraday (0.7.6)
      addressable (~> 2.2)
      multipart-post (~> 1.1)
      rack (~> 1.1)
    mixlib-log (1.3.0)
    multi_json (1.2.0)
    multipart-post (1.1.5)
    rack (1.4.1)
    rake (0.9.2.2)
    rspec (2.9.0)
      rspec-core (~> 2.9.0)
      rspec-expectations (~> 2.9.0)
      rspec-mocks (~> 2.9.0)
    rspec-core (2.9.0)
    rspec-expectations (2.9.1)
      diff-lcs (~> 1.1.3)
    rspec-mocks (2.9.0)
    simplecov (0.6.1)
      multi_json (~> 1.0)
      simplecov-html (~> 0.5.3)
    simplecov-html (0.5.3)
    uuidtools (2.1.2)

PLATFORMS
  ruby

DEPENDENCIES
  rake
  raven!
  raven-rails!
  rspec
  simplecov
