PATH
  remote: .
  specs:
    raven (0.1)
      faraday (~> 0.8.0.rc2)
      hashie
      linecache19 (>= 0.5.11)
      mixlib-log
      uuidtools
      yajl-ruby

GEM
  remote: https://rubygems.org/
  specs:
    archive-tar-minitar (0.5.2)
    coderay (1.0.6)
    diff-lcs (1.1.3)
    faraday (0.8.0.rc2)
      multipart-post (~> 1.1)
    hashie (1.2.0)
    linecache19 (0.5.12)
      ruby_core_source (>= 0.1.4)
    method_source (0.7.1)
    mixlib-log (1.3.0)
    multi_json (1.2.0)
    multipart-post (1.1.5)
    pry (0.9.8.4)
      coderay (~> 1.0.5)
      method_source (~> 0.7.1)
      slop (>= 2.4.4, < 3)
    rake (0.9.2.2)
    rspec (2.9.0)
      rspec-core (~> 2.9.0)
      rspec-expectations (~> 2.9.0)
      rspec-mocks (~> 2.9.0)
    rspec-core (2.9.0)
    rspec-expectations (2.9.1)
      diff-lcs (~> 1.1.3)
    rspec-mocks (2.9.0)
    ruby_core_source (0.1.5)
      archive-tar-minitar (>= 0.5.2)
    simplecov (0.6.1)
      multi_json (~> 1.0)
      simplecov-html (~> 0.5.3)
    simplecov-html (0.5.3)
    slop (2.4.4)
    uuidtools (2.1.2)
    yajl-ruby (1.1.0)

PLATFORMS
  ruby

DEPENDENCIES
  pry
  rake
  raven!
  rspec
  simplecov
