PATH
  remote: .
  specs:
    raven (0.1)
      mixlib-log
      uuidtools

GEM
  remote: https://rubygems.org/
  specs:
    diff-lcs (1.1.3)
    mixlib-log (1.3.0)
    multi_json (1.2.0)
    rspec (2.9.0)
      rspec-core (~> 2.9.0)
      rspec-expectations (~> 2.9.0)
      rspec-mocks (~> 2.9.0)
    rspec-core (2.9.0)
    rspec-expectations (2.9.1)
      diff-lcs (~> 1.1.3)
    rspec-mocks (2.9.0)
    simplecov (0.6.1)
      multi_json (~> 1.0)
      simplecov-html (~> 0.5.3)
    simplecov-html (0.5.3)
    uuidtools (2.1.2)

PLATFORMS
  ruby

DEPENDENCIES
  raven!
  rspec
  simplecov
